GEM
  remote: https://rubygems.org/
  specs:
    airbrussh (1.0.1)
      sshkit (>= 1.6.1, != 1.7.0)
    animate (0.2.beta.0)
      compass (>= 0.13.alpha.0)
      sass (>= 3.2.0)
    capistrano (3.5.0)
      airbrussh (>= 1.0.0)
      capistrano-harrow
      i18n
      rake (>= 10.0.0)
      sshkit (>= 1.9.0)
    capistrano-harrow (0.5.1)
    chunky_png (1.3.5)
    compass (1.1.0.alpha.3)
      chunky_png (~> 1.2)
      compass-core (~> 1.1.0.alpha.3)
      compass-import-once (~> 1.0.5)
      rb-fsevent (>= 0.9.3)
      rb-inotify (>= 0.9)
      sass (>= 3.3.13, < 3.5)
    compass-core (1.1.0.alpha.3)
      multi_json (~> 1.0)
      sass (>= 3.3.0, < 3.5)
    compass-import-once (1.0.5)
      sass (>= 3.2, < 3.5)
    ffi (1.9.10)
    i18n (0.7.0)
    multi_json (1.12.0)
    net-scp (1.2.1)
      net-ssh (>= 2.6.5)
    net-ssh (3.1.1)
    rake (11.1.2)
    rb-fsevent (0.9.7)
    rb-inotify (0.9.7)
      ffi (>= 0.5.0)
    sass (3.4.22)
    sshkit (1.10.0)
      net-scp (>= 1.1.2)
      net-ssh (>= 2.8.0)

PLATFORMS
  ruby

DEPENDENCIES
  animate (>= 0.2.beta)
  capistrano (~> 3.5.0)
  compass
